PATH
  remote: .
  specs:
    app_config (0.7.0)

GEM
  remote: http://rubygems.org/
  specs:
    bson (1.3.1)
    bson_ext (1.3.1)
    diff-lcs (1.1.2)
    mongo (1.3.1)
      bson (>= 1.3.1)
    rspec (2.6.0)
      rspec-core (~> 2.6.0)
      rspec-expectations (~> 2.6.0)
      rspec-mocks (~> 2.6.0)
    rspec-core (2.6.2)
    rspec-expectations (2.6.0)
      diff-lcs (~> 1.1.2)
    rspec-mocks (2.6.0)
    sqlite3 (1.3.3)

PLATFORMS
  ruby

DEPENDENCIES
  app_config!
  bson_ext
  mongo
  rspec (>= 2.6.0)
  sqlite3
